GEM
  remote: http://rubygems.org/
  specs:
    pg (0.10.1)
    sequel (3.22.0)

PLATFORMS
  ruby

DEPENDENCIES
  pg
  sequel
